GEM
  remote: http://rubygems.org/
  specs:
    actionmailer (3.1.0)
      actionpack (= 3.1.0)
      mail (~> 2.3.0)
    actionpack (3.1.0)
      activemodel (= 3.1.0)
      activesupport (= 3.1.0)
      builder (~> 3.0.0)
      erubis (~> 2.7.0)
      i18n (~> 0.6)
      rack (~> 1.3.2)
      rack-cache (~> 1.0.3)
      rack-mount (~> 0.8.2)
      rack-test (~> 0.6.1)
      sprockets (~> 2.0.0)
    activemodel (3.1.0)
      activesupport (= 3.1.0)
      bcrypt-ruby (~> 3.0.0)
      builder (~> 3.0.0)
      i18n (~> 0.6)
    activerecord (3.1.0)
      activemodel (= 3.1.0)
      activesupport (= 3.1.0)
      arel (~> 2.2.1)
      tzinfo (~> 0.3.29)
    activeresource (3.1.0)
      activemodel (= 3.1.0)
      activesupport (= 3.1.0)
    activesupport (3.1.0)
      multi_json (~> 1.0)
    arel (2.2.1)
    bcrypt-ruby (3.0.0)
    builder (3.0.0)
    cancan (1.6.5)
    carrierwave (0.5.7)
      activesupport (~> 3.0)
    devise (1.4.4)
      bcrypt-ruby (~> 3.0)
      orm_adapter (~> 0.0.3)
      warden (~> 1.0.3)
    diff-lcs (1.1.3)
    erubis (2.7.0)
    excon (0.6.5)
    fog (0.11.0)
      builder
      excon (~> 0.6.5)
      formatador (~> 0.2.0)
      mime-types
      multi_json (~> 1.0.3)
      net-scp (~> 1.0.4)
      net-ssh (~> 2.1.4)
      nokogiri (~> 1.5.0)
      ruby-hmac
    formatador (0.2.0)
    haml (3.1.2)
    high_voltage (1.0.0)
    hike (1.2.1)
    i18n (0.6.0)
    jquery-rails (1.0.13)
      railties (~> 3.0)
      thor (~> 0.14)
    kaminari (0.12.4)
      rails (>= 3.0.0)
    mail (2.3.0)
      i18n (>= 0.4.0)
      mime-types (~> 1.16)
      treetop (~> 1.4.8)
    mime-types (1.16)
    multi_json (1.0.3)
    net-scp (1.0.4)
      net-ssh (>= 1.99.1)
    net-ssh (2.1.4)
    nokogiri (1.5.0)
    orm_adapter (0.0.5)
    polyglot (0.3.2)
    rack (1.3.2)
    rack-cache (1.0.3)
      rack (>= 0.4)
    rack-mount (0.8.3)
      rack (>= 1.0.0)
    rack-ssl (1.3.2)
      rack
    rack-test (0.6.1)
      rack (>= 1.0)
    rails (3.1.0)
      actionmailer (= 3.1.0)
      actionpack (= 3.1.0)
      activerecord (= 3.1.0)
      activeresource (= 3.1.0)
      activesupport (= 3.1.0)
      bundler (~> 1.0)
      railties (= 3.1.0)
    railties (3.1.0)
      actionpack (= 3.1.0)
      activesupport (= 3.1.0)
      rack-ssl (~> 1.3.2)
      rake (>= 0.8.7)
      rdoc (~> 3.4)
      thor (~> 0.14.6)
    rake (0.9.2)
    rdoc (3.9.4)
    rmagick (2.13.1)
    rspec (2.6.0)
      rspec-core (~> 2.6.0)
      rspec-expectations (~> 2.6.0)
      rspec-mocks (~> 2.6.0)
    rspec-core (2.6.4)
    rspec-expectations (2.6.0)
      diff-lcs (~> 1.1.2)
    rspec-mocks (2.6.0)
    rspec-rails (2.6.1)
      actionpack (~> 3.0)
      activesupport (~> 3.0)
      railties (~> 3.0)
      rspec (~> 2.6.0)
    ruby-hmac (0.4.0)
    sass (3.1.7)
    sprockets (2.0.0)
      hike (~> 1.2)
      rack (~> 1.0)
      tilt (~> 1.1, != 1.3.0)
    sqlite3 (1.3.4)
    squeel (0.8.9)
      activerecord (~> 3.0)
      activesupport (~> 3.0)
    thor (0.14.6)
    tilt (1.3.3)
    treetop (1.4.10)
      polyglot
      polyglot (>= 0.3.1)
    tzinfo (0.3.29)
    warden (1.0.5)
      rack (>= 1.0)

PLATFORMS
  ruby

DEPENDENCIES
  cancan
  carrierwave
  devise
  fog
  haml
  high_voltage
  jquery-rails (>= 0.2.6)
  kaminari
  rails (= 3.1.0)
  rmagick
  rspec-rails (>= 2.4.1)
  sass
  sqlite3
  squeel
